GEM
  remote: https://rubygems.org/
  specs:
    activesupport (7.0.4.3)
      concurrent-ruby (~> 1.0, >= 1.0.2)
      i18n (>= 1.6, < 2)
      minitest (>= 5.1)
      tzinfo (~> 2.0)
    base64 (0.1.1)
    concurrent-ruby (1.2.2)
    date (3.2.2)
    graphql (2.0.20)
    graphql-client (0.18.0)
      activesupport (>= 3.0)
      graphql
    httparty (0.20.0)
      mime-types (~> 3.0)
      multi_xml (>= 0.5.2)
    i18n (1.12.0)
      concurrent-ruby (~> 1.0)
    json (2.6.2)
    jwt (2.4.1)
    mime-types (3.4.1)
      mime-types-data (~> 3.2015)
    mime-types-data (3.2022.0105)
    minitest (5.18.0)
    multi_xml (0.6.0)
    openssl (3.0.0)
    time (0.2.0)
      date
    tzinfo (2.0.6)
      concurrent-ruby (~> 1.0)

PLATFORMS
  ruby

DEPENDENCIES
  base64
  graphql-client
  httparty
  json
  jwt
  openssl
  time

BUNDLED WITH
   2.4.1
